GEM
  remote: http://rubygems.org/
  specs:
    activesupport (4.0.0)
      i18n (~> 0.6, >= 0.6.4)
      minitest (~> 4.2)
      multi_json (~> 1.3)
      thread_safe (~> 0.1)
      tzinfo (~> 0.3.37)
    atomic (1.1.14)
    erubis (2.7.0)
    execjs (2.0.2)
    ffi (1.2.1)
    i18n (0.6.5)
    kramdown (1.2.0)
    libv8 (3.16.14.3)
    mime-types (2.0)
    mini_portile (0.5.2)
    minitest (4.7.5)
    multi_json (1.8.2)
    nokogiri (1.6.0)
      mini_portile (~> 0.5.0)
    pandoc-ruby (0.7.5)
    pretty-xml (0.1.3)
      nokogiri
    redcarpet (2.3.0)
    ref (1.0.5)
    rest-client (1.6.7)
      mime-types (>= 1.16)
    therubyracer (0.12.0)
      libv8 (~> 3.16.14.0)
      ref
    thread_safe (0.1.3)
      atomic
    tidy_ffi (0.1.5)
      ffi (~> 1.2.0)
    tzinfo (0.3.38)

PLATFORMS
  ruby

DEPENDENCIES
  activesupport
  erubis
  execjs
  kramdown
  multi_json
  nokogiri
  pandoc-ruby
  pretty-xml
  redcarpet (~> 2.3.0)
  rest-client
  therubyracer
  tidy_ffi
